GEM
  remote: https://rubygems.org/
  specs:
    diff-lcs (1.2.4)
    erubis (2.7.0)
    foodcritic (2.2.0)
      erubis
      gherkin (~> 2.11.7)
      nokogiri (~> 1.5.4)
      treetop (~> 1.4.10)
      yajl-ruby (~> 1.1.0)
    gherkin (2.11.8)
      multi_json (~> 1.3)
    multi_json (1.7.7)
    nokogiri (1.5.10)
    polyglot (0.3.3)
    rake (10.1.0)
    rspec (2.14.1)
      rspec-core (~> 2.14.0)
      rspec-expectations (~> 2.14.0)
      rspec-mocks (~> 2.14.0)
    rspec-core (2.14.4)
    rspec-expectations (2.14.0)
      diff-lcs (>= 1.1.3, < 2.0)
    rspec-mocks (2.14.1)
    treetop (1.4.14)
      polyglot
      polyglot (>= 0.3.1)
    yajl-ruby (1.1.0)

PLATFORMS
  ruby

DEPENDENCIES
  foodcritic (~> 2.2.0)
  rake
  rspec (~> 2.14.1)
